GEM
  remote: https://rubygems.org/
  specs:
    bourbon (4.1.1)
      sass (~> 3.3)
      thor
    neat (1.7.1)
      bourbon (>= 4.0)
      sass (>= 3.3)
    sass (3.4.7)
    thor (0.19.1)

PLATFORMS
  ruby

DEPENDENCIES
  neat
  sass (= 3.4.7)
